GEM
  remote: https://rubygems.org/
  specs:
    concurrent-ruby (1.1.9)
    mime-types (3.4.1)
      mime-types-data (~> 3.2015)
    mime-types-data (3.2022.0105)
    playwright-ruby-client (1.19.0)
      concurrent-ruby (>= 1.1.6)
      mime-types (>= 3.0)

PLATFORMS
  x86_64-darwin-19

DEPENDENCIES
  playwright-ruby-client (= 1.19.0)

BUNDLED WITH
   2.2.13
